GEM
  remote: http://rubygems.org/
  specs:
    builder (3.2.2)
    excon (0.28.0)
    fog (1.18.0)
      builder
      excon (~> 0.28.0)
      formatador (~> 0.2.0)
      mime-types
      multi_json (~> 1.0)
      net-scp (~> 1.1)
      net-ssh (>= 2.1.3)
      nokogiri (~> 1.5)
      ruby-hmac
    foreman (0.60.2)
      thor (>= 0.13.6)
    formatador (0.2.4)
    httparty (0.11.0)
      multi_json (~> 1.0)
      multi_xml (>= 0.5.2)
    mime-types (2.0)
    mini_portile (0.5.2)
    multi_json (1.7.7)
    multi_xml (0.5.4)
    net-scp (1.1.2)
      net-ssh (>= 2.6.5)
    net-ssh (2.7.0)
    nokogiri (1.6.0)
      mini_portile (~> 0.5.0)
    puma (1.6.3)
      rack (~> 1.2)
    rack (1.4.3)
    rack-protection (1.3.2)
      rack
    rack-ssl (1.3.2)
      rack
    rake (10.0.3)
    ruby-hmac (0.4.0)
    shotgun (0.9)
      rack (>= 1.0)
    sinatra (1.3.3)
      rack (~> 1.3, >= 1.3.6)
      rack-protection (~> 1.2)
      tilt (~> 1.3, >= 1.3.3)
    thor (0.16.0)
    tilt (1.3.3)

PLATFORMS
  ruby

DEPENDENCIES
  fog
  foreman
  httparty
  puma
  rack-ssl
  rake
  shotgun
  sinatra
